GEM
  remote: http://rubygems.org/
  specs:
    coffee-script (2.2.0)
      coffee-script-source
      execjs
    coffee-script-source (1.1.2)
    execjs (1.2.9)
      multi_json (~> 1.0)
    growl (1.0.3)
    guard (0.8.8)
      thor (~> 0.14.6)
    guard-sprockets2 (0.0.5)
      guard
      sprockets (~> 2.0)
    haml (3.1.3)
    hike (1.2.1)
    kgio (2.6.0)
    multi_json (1.0.3)
    rack (1.3.4)
    rack-protection (1.1.4)
      rack
    raindrops (0.7.0)
    rb-fsevent (0.4.3.1)
    sass (3.1.10)
    sinatra (1.3.1)
      rack (~> 1.3, >= 1.3.4)
      rack-protection (~> 1.1, >= 1.1.2)
      tilt (~> 1.3, >= 1.3.3)
    sprockets (2.0.2)
      hike (~> 1.2)
      rack (~> 1.0)
      tilt (~> 1.1, != 1.3.0)
    thor (0.14.6)
    tilt (1.3.3)
    uglifier (1.0.3)
      execjs (>= 0.3.0)
      multi_json (>= 1.0.2)
    unicorn (4.1.1)
      kgio (~> 2.4)
      rack
      raindrops (~> 0.6)

PLATFORMS
  ruby

DEPENDENCIES
  coffee-script (~> 2.2)
  growl
  guard-sprockets2
  haml
  rb-fsevent
  sass (~> 3.1)
  sinatra
  sprockets (~> 2.0)
  uglifier (~> 1.0)
  unicorn
